GIT
  remote: git://github.com/ekho/capistrano-git-submodule-strategy.git
  revision: 16920c9444346b90cc9f91a0111deb9c333d8443
  specs:
    capistrano-git-submodule-strategy (0.1.19)
      capistrano (~> 3.1)

GEM
  remote: https://rubygems.org/
  specs:
    capistrano (3.4.0)
      i18n
      rake (>= 10.0.0)
      sshkit (~> 1.3)
    i18n (0.7.0)
    net-scp (1.2.1)
      net-ssh (>= 2.6.5)
    net-ssh (3.0.2)
    rake (10.5.0)
    sshkit (1.8.1)
      net-scp (>= 1.1.2)
      net-ssh (>= 2.8.0)

PLATFORMS
  ruby

DEPENDENCIES
  capistrano (~> 3.4)
  capistrano-git-submodule-strategy (~> 0.1)!

BUNDLED WITH
   1.11.2
